GEM
  remote: http://rubygems.org/
  specs:
    activemodel (4.1.7)
      activesupport (= 4.1.7)
      builder (~> 3.1)
    activerecord (4.1.7)
      activemodel (= 4.1.7)
      activesupport (= 4.1.7)
      arel (~> 5.0.0)
    activesupport (4.1.7)
      i18n (~> 0.6, >= 0.6.9)
      json (~> 1.7, >= 1.7.7)
      minitest (~> 5.1)
      thread_safe (~> 0.1)
      tzinfo (~> 1.1)
    arel (5.0.1.20140414130214)
    base62 (1.0.0)
    builder (3.2.2)
    chronic (0.7.0)
    dotenv (0.11.1)
      dotenv-deployment (~> 0.0.2)
    dotenv-deployment (0.0.2)
    faker (1.4.3)
      i18n (~> 0.5)
    foreman (0.75.0)
      dotenv (~> 0.11.1)
      thor (~> 0.19.1)
    i18n (0.6.11)
    json (1.8.1)
    mini_portile (0.6.1)
    minitest (5.4.3)
    nokogiri (1.6.4.1)
      mini_portile (~> 0.6.0)
    pg (0.17.1)
    postgres (0.8.1)
      pg (~> 0)
    rack (1.2.2)
    rake (10.1.0)
    sinatra (1.2.1)
      rack (~> 1.1)
      tilt (>= 1.2.2, < 2.0)
    sinatra-activerecord (2.0.3)
      activerecord (>= 3.2)
      sinatra (~> 1.0)
    thor (0.19.1)
    thread_safe (0.3.4)
    tilt (1.2.2)
    tzinfo (1.2.2)
      thread_safe (~> 0.1)
    useragent (0.4.10)

PLATFORMS
  ruby

DEPENDENCIES
  activerecord
  base62
  chronic
  faker
  foreman
  nokogiri (= 1.6.4.1)
  postgres (~> 0.8.1)
  rake
  sinatra
  sinatra-activerecord
  useragent
